GEM
  remote: https://rubygems.org/
  specs:
    rack (2.2.8)
    rage-iodine (2.0.0)
    rage-rb (0.3.0)
      rack (~> 2.0)
      rage-iodine (~> 2.0)
      thor (~> 1.0)
    thor (1.3.0)

PLATFORMS
  x86_64-darwin-20

DEPENDENCIES
  rage-rb

BUNDLED WITH
   2.4.10
